RESTRICTION: >= net461
NUGET
  remote: https://www.nuget.org/api/v2
    Argu (5.0.1)
      FSharp.Core (>= 4.0.0.1)
    Expecto (5.1.2)
      Argu (>= 3.7)
      FSharp.Core (>= 4.1.18)
      Mono.Cecil (>= 0.10.0-beta7)
      System.ValueTuple (>= 4.4)
    FSharp.Core (4.3.4)
    Mono.Cecil (0.10.0-beta7)
    System.ValueTuple (4.4)

GROUP Build
NUGET
  remote: https://www.nuget.org/api/v2
    FAKE (4.64.4)
