RESTRICTION: >= net461
NUGET
  remote: https://www.nuget.org/api/v2
    Argu (5.1)
      FSharp.Core (>= 4.0.0.1)
    Expecto (6.0)
      Argu (>= 3.7)
      FSharp.Core (>= 4.1.18)
      Mono.Cecil (>= 0.10.0-beta7)
    Expecto.FsCheck (6.0)
      Expecto (>= 6.0)
      FsCheck (>= 2.10.4)
      FSharp.Core (>= 4.1.18)
    FsCheck (2.10.8)
      FSharp.Core (>= 4.0.0.1)
    FSharp.Core (4.3.4)
    Mono.Cecil (0.10.0-beta7)

GROUP Build
NUGET
  remote: https://www.nuget.org/api/v2
    FAKE (4.64.11)
